GEM
  remote: https://rubygems.org/
  specs:
    activesupport (5.1.4)
      concurrent-ruby (~> 1.0, >= 1.0.2)
      i18n (~> 0.7)
      minitest (~> 5.1)
      tzinfo (~> 1.1)
    addressable (2.5.2)
      public_suffix (>= 2.0.2, < 4.0)
    addressabler (0.1.2)
      addressable (>= 2.3)
    concurrent-ruby (1.0.5)
    dotenv (2.2.1)
    hashie (3.5.6)
    httparty (0.15.6)
      multi_xml (>= 0.5.2)
    i18n (0.8.6)
    kraken_client (1.1.5)
      activesupport (>= 3.2)
      addressabler
      hashie
      httparty
    minitest (5.10.3)
    multi_xml (0.6.0)
    public_suffix (3.0.0)
    thread_safe (0.3.6)
    tzinfo (1.2.3)
      thread_safe (~> 0.1)

PLATFORMS
  ruby

DEPENDENCIES
  dotenv
  kraken_client (= 1.1.5)

BUNDLED WITH
   1.15.2
